GEM
  remote: https://rubygems.org/
  specs:
    gosu (0.14.5)
    rmagick (2.16.0)

PLATFORMS
  ruby

DEPENDENCIES
  gosu
  rmagick

BUNDLED WITH
   2.0.1
