GEM
  remote: https://rubygems.org/
  specs:
    gosu (0.14.5)
    perlin_noise (0.1.3)
    rmagick (2.16.0)

PLATFORMS
  ruby

DEPENDENCIES
  gosu
  perlin_noise
  rmagick

BUNDLED WITH
   2.0.1
