GEM
  remote: https://rubygems.org/
  specs:
    ast (2.4.0)
    concurrent-ruby (1.1.4)
    dry-core (0.4.7)
      concurrent-ruby (~> 1.0)
    gosu (0.14.5)
    jaro_winkler (1.5.2)
    parallel (1.13.0)
    parser (2.6.0.0)
      ast (~> 2.4.0)
    perlin (0.2.2)
    perlin_noise (0.1.3)
    powerpack (0.1.2)
    rainbow (3.0.0)
    rmagick (2.16.0)
    rubocop (0.63.1)
      jaro_winkler (~> 1.5.1)
      parallel (~> 1.10)
      parser (>= 2.5, != 2.5.1.1)
      powerpack (~> 0.1)
      rainbow (>= 2.2.2, < 4.0)
      ruby-progressbar (~> 1.7)
      unicode-display_width (~> 1.4.0)
    ruby-progressbar (1.10.0)
    unicode-display_width (1.4.1)

PLATFORMS
  ruby

DEPENDENCIES
  dry-core
  gosu
  perlin
  perlin_noise
  rmagick
  rubocop

BUNDLED WITH
   2.0.1
